GIT
  remote: git://github.com/nadarei/mina.git
  revision: 105c428268f24109cc2618d6d22667e23cc0bcad
  specs:
    mina (0.3.0)
      open4
      rake

GEM
  remote: https://rubygems.org/
  specs:
    activesupport (3.2.13)
      i18n (= 0.6.1)
      multi_json (~> 1.0)
    chronic (0.9.1)
    dotenv (0.7.0)
    faraday (0.8.7)
      multipart-post (~> 1.1)
    foreman (0.60.2)
      thor (>= 0.13.6)
    hashie (2.0.5)
    i18n (0.6.1)
    multi_json (1.7.2)
    multipart-post (1.2.0)
    open4 (1.3.0)
    rake (10.1.0)
    redis (3.0.4)
    sentry-raven (0.4.8)
      faraday (>= 0.7.6)
      hashie (>= 1.1.0)
      multi_json (~> 1.0)
      uuidtools
    thor (0.18.1)
    uuidtools (2.1.4)

PLATFORMS
  ruby

DEPENDENCIES
  activesupport
  chronic
  dotenv
  foreman (= 0.60.2)
  mina!
  redis
  sentry-raven
