GEM
  remote: https://rubygems.org/
  specs:
    activesupport (3.2.13)
      i18n (= 0.6.1)
      multi_json (~> 1.0)
    dotenv (0.7.0)
    foreman (0.60.2)
      thor (>= 0.13.6)
    i18n (0.6.1)
    multi_json (1.7.2)
    redis (3.0.4)
    thor (0.18.1)

PLATFORMS
  ruby

DEPENDENCIES
  activesupport
  dotenv
  foreman (= 0.60.2)
  redis
