GEM
  remote: https://rubygems.org/
  specs:
    activesupport (3.2.13)
      i18n (= 0.6.1)
      multi_json (~> 1.0)
    i18n (0.6.1)
    multi_json (1.7.2)
    redis (3.0.4)

PLATFORMS
  ruby

DEPENDENCIES
  activesupport
  redis
