GIT
  remote: git://github.com/nadarei/mina.git
  revision: 8248fba1222ac4da7f73d422c9a71e99e23df957
  specs:
    mina (0.2.1)
      open4
      rake

GEM
  remote: https://rubygems.org/
  specs:
    activesupport (3.2.13)
      i18n (= 0.6.1)
      multi_json (~> 1.0)
    chronic (0.9.1)
    dotenv (0.7.0)
    foreman (0.60.2)
      thor (>= 0.13.6)
    i18n (0.6.1)
    multi_json (1.7.2)
    open4 (1.3.0)
    rake (10.0.4)
    redis (3.0.4)
    thor (0.18.1)

PLATFORMS
  ruby

DEPENDENCIES
  activesupport
  chronic
  dotenv
  foreman (= 0.60.2)
  mina!
  redis
